GEM
  remote: https://rubygems.org/
  specs:
    byebug (11.1.3)
    cgi (0.4.1)
    erb (4.0.4)
      cgi (>= 0.3.3)
    mysql2 (0.5.6)
    terminal-table (3.0.2)
      unicode-display_width (>= 1.1.1, < 3)
    unicode-display_width (2.5.0)
    yaml (0.3.0)

PLATFORMS
  x86_64-linux

DEPENDENCIES
  byebug
  erb
  mysql2
  terminal-table
  yaml

RUBY VERSION
   ruby 3.2.3p157

BUNDLED WITH
   2.4.19
